PATH
  remote: .
  specs:
    customerify (0.1.0)
      httparty (>= 0.5, < 1.0)

GEM
  remote: https://rubygems.org/
  specs:
    crack (0.1.8)
    diff-lcs (1.2.5)
    fakeweb (1.3.0)
    httparty (0.6.1)
      crack (= 0.1.8)
    rake (10.3.2)
    rspec (2.14.1)
      rspec-core (~> 2.14.0)
      rspec-expectations (~> 2.14.0)
      rspec-mocks (~> 2.14.0)
    rspec-core (2.14.7)
    rspec-expectations (2.14.4)
      diff-lcs (>= 1.1.3, < 2.0)
    rspec-mocks (2.14.4)

PLATFORMS
  ruby

DEPENDENCIES
  customerify!
  fakeweb
  rake
  rspec
